GEM
  remote: https://rubygems.org/
  specs:
    activesupport (6.1.4.1)
      concurrent-ruby (~> 1.0, >= 1.0.2)
      i18n (>= 1.6, < 2)
      minitest (>= 5.1)
      tzinfo (~> 2.0)
      zeitwerk (~> 2.3)
    concurrent-ruby (1.1.9)
    diff-lcs (1.4.4)
    factory_bot (6.2.0)
      activesupport (>= 5.0.0)
    i18n (1.8.10)
      concurrent-ruby (~> 1.0)
    kosi (1.2.0)
      unicode-display_width (~> 1.0)
      unicode-emoji (~> 1.1)
    minitest (5.14.4)
    rspec (3.10.0)
      rspec-core (~> 3.10.0)
      rspec-expectations (~> 3.10.0)
      rspec-mocks (~> 3.10.0)
    rspec-core (3.10.1)
      rspec-support (~> 3.10.0)
    rspec-expectations (3.10.1)
      diff-lcs (>= 1.2.0, < 2.0)
      rspec-support (~> 3.10.0)
    rspec-mocks (3.10.2)
      diff-lcs (>= 1.2.0, < 2.0)
      rspec-support (~> 3.10.0)
    rspec-support (3.10.2)
    tzinfo (2.0.4)
      concurrent-ruby (~> 1.0)
    unicode-display_width (1.7.0)
    unicode-emoji (1.1.0)
    zeitwerk (2.4.2)

PLATFORMS
  -darwin-20

DEPENDENCIES
  factory_bot
  kosi
  rspec

BUNDLED WITH
   2.2.16
